GEM
  remote: https://rubygems.org/
  specs:
    activemodel (3.1.12)
      activesupport (= 3.1.12)
      builder (~> 3.0.0)
      i18n (~> 0.6)
    activerecord (3.1.12)
      activemodel (= 3.1.12)
      activesupport (= 3.1.12)
      arel (~> 2.2.3)
      tzinfo (~> 0.3.29)
    activesupport (3.1.12)
      multi_json (~> 1.0)
    arel (2.2.3)
    builder (3.0.4)
    diff-lcs (1.2.4)
    grit (2.4.1)
      diff-lcs (~> 1.1)
      mime-types (~> 1.15)
    haml (4.0.3)
      tilt
    http_router (0.10.2)
      rack (>= 1.0.0)
      url_mount (~> 0.2.1)
    i18n (0.6.5)
    mail (2.3.3)
      i18n (>= 0.4.0)
      mime-types (~> 1.16)
      treetop (~> 1.4.8)
    mime-types (1.25)
    multi_json (1.8.0)
    mysql2 (0.3.11)
    padrino (0.10.5.patched)
      padrino-admin (= 0.10.5.patched)
      padrino-cache (= 0.10.5.patched)
      padrino-core (= 0.10.5.patched)
      padrino-gen (= 0.10.5.patched)
      padrino-helpers (= 0.10.5.patched)
      padrino-mailer (= 0.10.5.patched)
    padrino-admin (0.10.5.patched)
      padrino-core (= 0.10.5.patched)
      padrino-helpers (= 0.10.5.patched)
    padrino-cache (0.10.5.patched)
      padrino-core (= 0.10.5.patched)
    padrino-core (0.10.5.patched)
      activesupport (~> 3.1.0)
      http_router (~> 0.10.2)
      sinatra (~> 1.3.1)
      thor (~> 0.14.3)
      tilt (~> 1.3.0)
    padrino-gen (0.10.5.patched)
      bundler (~> 1.0)
      grit (~> 2.4.1)
      padrino-core (= 0.10.5.patched)
    padrino-helpers (0.10.5.patched)
      i18n (~> 0.6)
      padrino-core (= 0.10.5.patched)
    padrino-mailer (0.10.5.patched)
      mail (~> 2.3.0)
      padrino-core (= 0.10.5.patched)
    polyglot (0.3.3)
    rack (1.5.2)
    rack-protection (1.5.0)
      rack
    rack-test (0.6.2)
      rack (>= 1.0)
    rake (10.1.0)
    sass (3.2.10)
    shoulda (3.5.0)
      shoulda-context (~> 1.0, >= 1.0.1)
      shoulda-matchers (>= 1.4.1, < 3.0)
    shoulda-context (1.1.5)
    shoulda-matchers (2.3.0)
      activesupport (>= 3.0.0)
    sinatra (1.3.6)
      rack (~> 1.4)
      rack-protection (~> 1.3)
      tilt (~> 1.3, >= 1.3.3)
    sinatra-flash (0.3.0)
      sinatra (>= 1.0.0)
    sqlite3 (1.3.8)
    thor (0.14.6)
    tilt (1.3.7)
    treetop (1.4.15)
      polyglot
      polyglot (>= 0.3.1)
    tzinfo (0.3.37)
    url_mount (0.2.1)
      rack

PLATFORMS
  ruby

DEPENDENCIES
  activerecord
  haml
  mysql2
  padrino (= 0.10.5.patched)
  rack-test
  rake
  sass
  shoulda
  sinatra-flash
  sqlite3
  tilt (= 1.3.7)
